GEM
  remote: https://rubygems.org/
  specs:
    aws-eventstream (1.1.0)
    aws-sdk (2.10.134)
      aws-sdk-resources (= 2.10.134)
    aws-sdk-core (2.10.134)
      aws-sigv4 (~> 1.0)
      jmespath (~> 1.0)
    aws-sdk-resources (2.10.134)
      aws-sdk-core (= 2.10.134)
    aws-sigv4 (1.2.1)
      aws-eventstream (~> 1, >= 1.0.2)
    builder (3.1.4)
    dentaku (3.0.0)
    jmespath (1.4.0)
    json (2.3.0)
    mime-types (3.1)
      mime-types-data (~> 3.2015)
    mime-types-data (3.2016.0521)
    multipart-post (2.0.0)
    require_all (1.4.0)

PLATFORMS
  ruby

DEPENDENCIES
  aws-sdk (~> 2.10.26)
  builder (~> 3.1.4)
  dentaku (~> 3.0.0)
  json (~> 2.3.0)
  mime-types (~> 3.1)
  multipart-post (~> 2.0.0)
  require_all (~> 1.4.0)

RUBY VERSION
   ruby 2.2.8p477

BUNDLED WITH
   1.16.0
